GEM
  specs:
    activesupport (3.0.1)
    diff-lcs (1.1.2)
    i18n (0.4.1)
    rake (0.8.7)
    rspec (2.0.0)
      rspec-core (= 2.0.0)
      rspec-expectations (= 2.0.0)
      rspec-mocks (= 2.0.0)
    rspec-core (2.0.0)
    rspec-expectations (2.0.0)
      diff-lcs (>= 1.1.2)
    rspec-mocks (2.0.0)
      rspec-core (= 2.0.0)
      rspec-expectations (= 2.0.0)

PLATFORMS
  ruby

DEPENDENCIES
  activesupport (= 3.0.1)
  i18n (= 0.4.1)
  rake
  rspec (= 2.0.0)
